GEM
  remote: https://rubygems.org/
  specs:
    clipboard (1.3.3)
    json (2.2.0)
    mustermann (1.0.3)
    rack (2.0.7)
    rack-protection (2.0.7)
      rack
    sinatra (2.0.7)
      mustermann (~> 1.0)
      rack (~> 2.0)
      rack-protection (= 2.0.7)
      tilt (~> 2.0)
    tilt (2.0.10)

PLATFORMS
  ruby

DEPENDENCIES
  clipboard
  json
  sinatra

RUBY VERSION
   ruby 2.5.1p57

BUNDLED WITH
   2.0.2
